GEM
  remote: https://rubygems.org/
  specs:
    coderay (1.0.5)
    method_source (0.7.1)
    minitest (2.11.4)
    nokogiri (1.5.0)
    pry (0.9.8.4)
      coderay (~> 1.0.5)
      method_source (~> 0.7.1)
      slop (>= 2.4.4, < 3)
    slop (2.4.4)

PLATFORMS
  ruby

DEPENDENCIES
  minitest (~> 2.11.4)
  nokogiri
  pry
